GEM
  remote: http://rubygems.org/
  specs:
    bones (3.7.1)
      little-plugger (>= 1.1.2)
      loquacious (>= 1.8.1)
      rake (>= 0.8.7)
    diff-lcs (1.1.3)
    directory_watcher (1.4.1)
    docbook_status (0.4.0)
      directory_watcher (>= 1.4.1)
      json (>= 1.6.1)
      libxml-ruby (>= 2.2.2)
      term-ansicolor (>= 1.0.6)
    growl_notify (0.0.3)
      rb-appscript
    guard (0.8.4)
      thor (~> 0.14.6)
    guard-rspec (0.5.0)
      guard (>= 0.8.4)
    json (1.6.1)
    libxml-ruby (2.2.2)
    little-plugger (1.1.2)
    loquacious (1.9.0)
    rake (0.9.2)
    rb-appscript (0.6.1)
    rb-fsevent (0.4.3.1)
    rspec (2.6.0)
      rspec-core (~> 2.6.0)
      rspec-expectations (~> 2.6.0)
      rspec-mocks (~> 2.6.0)
    rspec-core (2.6.4)
    rspec-expectations (2.6.0)
      diff-lcs (~> 1.1.2)
    rspec-mocks (2.6.0)
    term-ansicolor (1.0.7)
    thor (0.14.6)

PLATFORMS
  ruby

DEPENDENCIES
  bones
  docbook_status
  growl_notify
  guard
  guard-rspec
  rb-fsevent
  rspec
